GEM
  remote: https://rubygems.org/
  specs:
    faraday (2.7.9)
      faraday-net_http (>= 2.0, < 3.1)
      ruby2_keywords (>= 0.0.4)
    faraday-net_http (3.0.2)
    httparty (0.21.0)
      mini_mime (>= 1.0.0)
      multi_xml (>= 0.5.2)
    jwt (2.7.1)
    mini_mime (1.1.2)
    mini_portile2 (2.8.2)
    multi_xml (0.6.0)
    nokogiri (1.15.3)
      mini_portile2 (~> 2.8.2)
      racc (~> 1.4)
    racc (1.7.1)
    ruby2_keywords (0.0.5)
    twilio-ruby (6.2.0)
      faraday (>= 0.9, < 3.0)
      jwt (>= 1.5, < 3.0)
      nokogiri (>= 1.6, < 2.0)

PLATFORMS
  ruby

DEPENDENCIES
  httparty
  twilio-ruby

RUBY VERSION
   ruby 3.0.0p0

BUNDLED WITH
   2.4.12
